GEM
  remote: https://rubygems.org/
  specs:
    rake (13.2.1)
    yard (0.9.37)

PLATFORMS
  arm64-darwin-24
  ruby

DEPENDENCIES
  rake (~> 13.2)
  yard (~> 0.9.37)

BUNDLED WITH
   2.6.5
